PATH
  remote: .
  specs:
    oldgems (0.1.0)
      colorize
      json
      progress_bar
      redis

GEM
  remote: https://rubygems.org/
  specs:
    colorize (0.8.1)
    diff-lcs (1.3)
    highline (2.0.3)
    json (2.3.0)
    options (2.3.2)
    progress_bar (1.3.1)
      highline (>= 1.6, < 3)
      options (~> 2.3.0)
    rake (12.3.2)
    redis (4.1.3)
    rspec (3.9.0)
      rspec-core (~> 3.9.0)
      rspec-expectations (~> 3.9.0)
      rspec-mocks (~> 3.9.0)
    rspec-core (3.9.1)
      rspec-support (~> 3.9.1)
    rspec-expectations (3.9.0)
      diff-lcs (>= 1.2.0, < 2.0)
      rspec-support (~> 3.9.0)
    rspec-mocks (3.9.1)
      diff-lcs (>= 1.2.0, < 2.0)
      rspec-support (~> 3.9.0)
    rspec-support (3.9.2)

PLATFORMS
  ruby

DEPENDENCIES
  oldgems!
  rake (~> 12.0)
  rspec (~> 3.0)

BUNDLED WITH
   2.1.4
